PATH
  remote: .
  specs:
    plugg (1.0.1)

GEM
  remote: https://rubygems.org/
  specs:
    minitest (5.10.3)
    rake (12.3.3)

PLATFORMS
  ruby

DEPENDENCIES
  minitest (~> 5.7, >= 5.7.0)
  plugg!
  rake (~> 12.3)

BUNDLED WITH
   1.16.0
